GEM
  remote: http://rubygems.org/
  specs:
    actionmailer (2.3.11)
      actionpack (= 2.3.11)
    actionpack (2.3.11)
      activesupport (= 2.3.11)
      rack (~> 1.1.0)
    activerecord (2.3.11)
      activesupport (= 2.3.11)
    activeresource (2.3.11)
      activesupport (= 2.3.11)
    activesupport (2.3.11)
    capybara (1.1.4)
      mime-types (>= 1.16)
      nokogiri (>= 1.3.3)
      rack (>= 1.0.0)
      rack-test (>= 0.5.4)
      selenium-webdriver (~> 2.0)
      xpath (~> 0.1.4)
    childprocess (0.5.1)
      ffi (~> 1.0, >= 1.0.11)
    coderay (1.1.0)
    columnize (0.3.6)
    database_cleaner (1.2.0)
    diff-lcs (1.1.3)
    factory_girl (2.6.4)
      activesupport (>= 2.3.9)
    ffi (1.9.3)
    linecache (0.46)
      rbx-require-relative (> 0.0.4)
    method_source (0.8.2)
    mime-types (1.18)
    multi_json (1.9.0)
    nokogiri (1.5.9)
    pry (0.9.12.6)
      coderay (~> 1.0)
      method_source (~> 0.8)
      slop (~> 3.4)
    rack (1.1.3)
    rack-ssl (1.3.3)
      rack
    rack-test (0.6.2)
      rack (>= 1.0)
    rails (2.3.11)
      actionmailer (= 2.3.11)
      actionpack (= 2.3.11)
      activerecord (= 2.3.11)
      activeresource (= 2.3.11)
      activesupport (= 2.3.11)
      rake (>= 0.8.3)
    rake (0.9.2.2)
    rbx-require-relative (0.0.9)
    rest-client (1.0.3)
    rspec (2.11.0)
      rspec-core (~> 2.11.0)
      rspec-expectations (~> 2.11.0)
      rspec-mocks (~> 2.11.0)
    rspec-core (2.11.1)
    rspec-expectations (2.11.3)
      diff-lcs (~> 1.1.3)
    rspec-mocks (2.11.3)
    ruby-debug (0.10.3)
      columnize (>= 0.1)
      ruby-debug-base (~> 0.10.3.0)
    ruby-debug-base (0.10.3)
      linecache (>= 0.3)
    rubyzip (0.9.4)
    selenium-webdriver (2.35.1)
      childprocess (>= 0.2.5)
      multi_json (~> 1.0)
      rubyzip (< 1.0.0)
      websocket (~> 1.0.4)
    shoulda-matchers (1.0.0)
    slop (3.4.7)
    sqlite3-ruby (1.2.5)
    websocket (1.0.7)
    xpath (0.1.4)
      nokogiri (~> 1.3)

PLATFORMS
  ruby

DEPENDENCIES
  capybara (= 1.1.4)
  database_cleaner
  factory_girl
  mime-types (= 1.18)
  nokogiri (= 1.5.9)
  pry
  rack (= 1.1.3)
  rack-ssl
  rails (= 2.3.11)
  rake (= 0.9.2.2)
  rest-client (= 1.0.3)
  rspec (= 2.11.0)
  ruby-debug (= 0.10.3)
  rubyzip (= 0.9.4)
  shoulda-matchers
  sqlite3-ruby (= 1.2.5)
